GEM
  remote: https://rubygems.org/
  specs:
    builder (3.2.2)
    foreman (0.78.0)
      thor (~> 0.19.1)
    jwt (1.5.3)
    multi_json (1.11.2)
    puma (2.6.0)
      rack (>= 1.1, < 2.0)
    rack (1.6.4)
    rack-protection (1.5.3)
      rack
    sinatra (1.4.7)
      rack (~> 1.5)
      rack-protection (~> 1.4)
      tilt (>= 1.3, < 3)
    thor (0.19.1)
    tilt (2.0.2)
    twilio-ruby (4.11.1)
      builder (>= 2.1.2)
      jwt (~> 1.0)
      multi_json (>= 1.3.0)

PLATFORMS
  ruby

DEPENDENCIES
  foreman
  puma
  sinatra
  twilio-ruby
